GEM
  remote: http://rubygems.org/
  specs:
    POpen4 (0.1.4)
      Platform (>= 0.4.0)
      open4
    Platform (0.4.0)
    capistrano (2.12.0)
      highline
      net-scp (>= 1.0.0)
      net-sftp (>= 2.0.0)
      net-ssh (>= 2.0.14)
      net-ssh-gateway (>= 1.1.0)
    chunky_png (1.2.5)
    compass (0.12.1)
      chunky_png (~> 1.2)
      fssm (>= 0.2.7)
      sass (~> 3.1)
    cri (2.2.1)
    fssm (0.2.9)
    haml (3.1.4)
    highline (1.6.11)
    hike (1.2.1)
    htmlentities (4.3.1)
    multi_json (1.3.2)
    nanoc (3.3.3)
      cri (~> 2.2)
    net-scp (1.0.4)
      net-ssh (>= 1.99.1)
    net-sftp (2.0.5)
      net-ssh (>= 2.0.9)
    net-ssh (2.3.0)
    net-ssh-gateway (1.1.0)
      net-ssh (>= 1.99.1)
    nutils (1.1.0)
      nanoc (>= 3.3.1)
    open4 (1.3.0)
    rack (1.4.1)
    rack-rewrite (1.2.1)
    sass (3.1.15)
    sprockets (2.4.0)
      hike (~> 1.2)
      multi_json (~> 1.0)
      rack (~> 1.0)
      tilt (~> 1.1, != 1.3.0)
    tilt (1.3.3)
    yui-compressor (0.9.6)
      POpen4 (>= 0.1.4)

PLATFORMS
  ruby

DEPENDENCIES
  capistrano
  compass
  haml
  htmlentities
  nanoc
  nutils
  rack
  rack-rewrite
  sass
  sprockets
  yui-compressor
